GEM
  remote: https://rubygems.org/
  specs:
    minitest (5.15.0)
    solid_assert (1.1.0)

PLATFORMS
  x86_64-darwin-21

DEPENDENCIES
  minitest (~> 5.15)
  solid_assert (~> 1.1)

BUNDLED WITH
   2.2.32
